GEM
  remote: http://rubygems.org/
  specs:
    SystemTimer (1.2.3)
    builder (3.0.0)
    ci_reporter (1.7.0)
      builder (>= 2.1.2)
    daemons (1.1.6)
    diff-lcs (1.1.3)
    eventmachine (0.12.10)
    multi_json (1.0.4)
    pg (0.12.2)
    rack (1.4.1)
    rack-protection (1.2.0)
      rack
    rack-test (0.6.1)
      rack (>= 1.0)
    rake (0.9.2.2)
    rspec (2.8.0)
      rspec-core (~> 2.8.0)
      rspec-expectations (~> 2.8.0)
      rspec-mocks (~> 2.8.0)
    rspec-core (2.8.0)
    rspec-expectations (2.8.0)
      diff-lcs (~> 1.1.2)
    rspec-mocks (2.8.0)
    sequel (3.32.0)
    simplecov (0.5.4)
      multi_json (~> 1.0.3)
      simplecov-html (~> 0.5.3)
    simplecov-html (0.5.3)
    sinatra (1.3.2)
      rack (~> 1.3, >= 1.3.6)
      rack-protection (~> 1.2)
      tilt (~> 1.3, >= 1.3.3)
    sqlite3 (1.3.5)
    thin (1.3.1)
      daemons (>= 1.0.9)
      eventmachine (>= 0.12.6)
      rack (>= 1.0.0)
    tilt (1.3.3)
    uuidtools (2.1.2)
    yajl-ruby (0.8.3)

PLATFORMS
  ruby

DEPENDENCIES
  SystemTimer
  ci_reporter
  pg
  rack-test
  rake
  rspec
  sequel
  simplecov
  sinatra
  sqlite3
  thin
  uuidtools
  yajl-ruby (~> 0.8.3)
